GIT
  remote: https://github.com/silentgrowl/xmpp4r.git
  revision: d51f71e8226d829908e9c9335c32ab675753ee59
  specs:
    xmpp4r (0.5)
      nokogiri
      rdoc (> 2.4.2)

GEM
  remote: https://www.rubygems.org/
  specs:
    activesupport (4.1.4)
      i18n (~> 0.6, >= 0.6.9)
      json (~> 1.7, >= 1.7.7)
      minitest (~> 5.1)
      thread_safe (~> 0.1)
      tzinfo (~> 1.1)
    coderay (1.1.0)
    daemons (1.1.9)
    diff-lcs (1.2.5)
    eventmachine (1.0.3)
    faraday (0.8.9)
      multipart-post (~> 1.2.0)
    faraday_middleware (0.9.1)
      faraday (>= 0.7.4, < 0.10)
    gdbm (1.2)
    gsl4r (0.0.3)
    hashie (2.1.2)
    hipchat (1.2.0)
      httparty
    http_parser.rb (0.5.3)
    httparty (0.13.1)
      json (~> 1.8)
      multi_xml (>= 0.5.2)
    i18n (0.6.11)
    interception (0.5)
    json (1.8.1)
    libv8 (3.16.14.3)
    method_source (0.8.2)
    mime-types (1.25.1)
    mini_portile (0.6.0)
    minitest (5.4.0)
    multi_json (1.10.1)
    multi_xml (0.5.5)
    multipart-post (1.2.0)
    net-ssh (2.9.1)
    nokogiri (1.6.2.1)
      mini_portile (= 0.6.0)
    pry (0.10.0)
      coderay (~> 1.1.0)
      method_source (~> 0.8.1)
      slop (~> 3.4)
    pry-rescue (1.4.1)
      interception (>= 0.5)
      pry
    rdoc (4.1.1)
      json (~> 1.4)
    ref (1.0.5)
    rspec (3.0.0)
      rspec-core (~> 3.0.0)
      rspec-expectations (~> 3.0.0)
      rspec-mocks (~> 3.0.0)
    rspec-core (3.0.2)
      rspec-support (~> 3.0.0)
    rspec-expectations (3.0.2)
      diff-lcs (>= 1.2.0, < 2.0)
      rspec-support (~> 3.0.0)
    rspec-mocks (3.0.2)
      rspec-support (~> 3.0.0)
    rspec-support (3.0.2)
    simple_oauth (0.1.9)
    slop (3.5.0)
    therubyracer (0.12.1)
      libv8 (~> 3.16.14.0)
      ref
    thread_safe (0.3.4)
    timecop (0.7.1)
    tinder (1.9.4)
      eventmachine (~> 1.0)
      faraday (~> 0.8.9)
      faraday_middleware (~> 0.9)
      hashie (>= 1.0, < 3)
      json (~> 1.8.0)
      mime-types (~> 1.19)
      multi_json (~> 1.7)
      twitter-stream (~> 0.1)
    twitter-stream (0.1.16)
      eventmachine (>= 0.12.8)
      http_parser.rb (~> 0.5.1)
      simple_oauth (~> 0.1.4)
    tzinfo (1.2.1)
      thread_safe (~> 0.1)
    webrick (1.3.1)
    whois (3.5.5)
      activesupport (>= 3)

PLATFORMS
  ruby

DEPENDENCIES
  activesupport
  daemons
  eventmachine
  gdbm
  gsl4r
  hipchat
  httparty (>= 0.8.0)
  net-ssh
  nokogiri
  pry
  pry-rescue
  rspec
  therubyracer
  timecop
  tinder
  tzinfo
  webrick
  whois
  xmpp4r!
